GIT
  remote: https://github.com/firstdraft/ideas_generators.git
  revision: 9d6dbd9b2603a800cf76ec25fec78d53e5c95d3b
  specs:
    ideas_generators (0.1.0)
      railties

GIT
  remote: https://github.com/firstdraft/web_git.git
  revision: 5b952b270ef2bc91c89313b6fa4ae456efa37b8b
  specs:
    web_git (0.0.4)
      diffy
      git_clone_url
      jquery-rails
      octicons_helper
      tether-rails
      turbolinks (~> 5)
      tzinfo-data
      yard (>= 0.9.20)

GEM
  remote: https://rubygems.org/
  specs:
    actioncable (6.0.3.2)
      actionpack (= 6.0.3.2)
      nio4r (~> 2.0)
      websocket-driver (>= 0.6.1)
    actionmailbox (6.0.3.2)
      actionpack (= 6.0.3.2)
      activejob (= 6.0.3.2)
      activerecord (= 6.0.3.2)
      activestorage (= 6.0.3.2)
      activesupport (= 6.0.3.2)
      mail (>= 2.7.1)
    actionmailer (6.0.3.2)
      actionpack (= 6.0.3.2)
      actionview (= 6.0.3.2)
      activejob (= 6.0.3.2)
      mail (~> 2.5, >= 2.5.4)
      rails-dom-testing (~> 2.0)
    actionpack (6.0.3.2)
      actionview (= 6.0.3.2)
      activesupport (= 6.0.3.2)
      rack (~> 2.0, >= 2.0.8)
      rack-test (>= 0.6.3)
      rails-dom-testing (~> 2.0)
      rails-html-sanitizer (~> 1.0, >= 1.2.0)
    actiontext (6.0.3.2)
      actionpack (= 6.0.3.2)
      activerecord (= 6.0.3.2)
      activestorage (= 6.0.3.2)
      activesupport (= 6.0.3.2)
      nokogiri (>= 1.8.5)
    actionview (6.0.3.2)
      activesupport (= 6.0.3.2)
      builder (~> 3.1)
      erubi (~> 1.4)
      rails-dom-testing (~> 2.0)
      rails-html-sanitizer (~> 1.1, >= 1.2.0)
    activeadmin (2.2.0)
      arbre (~> 1.2, >= 1.2.1)
      formtastic (~> 3.1)
      formtastic_i18n (~> 0.4)
      inherited_resources (~> 1.7)
      jquery-rails (~> 4.2)
      kaminari (~> 1.0, >= 1.0.1)
      railties (>= 5.0, < 6.1)
      ransack (~> 2.1, >= 2.1.1)
      sassc-rails (~> 2.1)
      sprockets (>= 3.0, < 4.1)
      sprockets-es6 (~> 0.9, >= 0.9.2)
    activejob (6.0.3.2)
      activesupport (= 6.0.3.2)
      globalid (>= 0.3.6)
    activemodel (6.0.3.2)
      activesupport (= 6.0.3.2)
    activerecord (6.0.3.2)
      activemodel (= 6.0.3.2)
      activesupport (= 6.0.3.2)
    activestorage (6.0.3.2)
      actionpack (= 6.0.3.2)
      activejob (= 6.0.3.2)
      activerecord (= 6.0.3.2)
      marcel (~> 0.3.1)
    activesupport (6.0.3.2)
      concurrent-ruby (~> 1.0, >= 1.0.2)
      i18n (>= 0.7, < 2)
      minitest (~> 5.1)
      tzinfo (~> 1.1)
      zeitwerk (~> 2.2, >= 2.2.2)
    arbre (1.2.1)
      activesupport (>= 3.0.0)
    ast (2.4.1)
    babel-source (5.8.35)
    babel-transpiler (0.7.0)
      babel-source (>= 4.0, < 6)
      execjs (~> 2.0)
    bindex (0.8.1)
    bootsnap (1.4.7)
      msgpack (~> 1.0)
    builder (3.2.4)
    byebug (11.1.3)
    coffee-rails (5.0.0)
      coffee-script (>= 2.2.0)
      railties (>= 5.2.0)
    coffee-script (2.4.1)
      coffee-script-source
      execjs
    coffee-script-source (1.12.2)
    concurrent-ruby (1.1.6)
    crass (1.0.6)
    diff-lcs (1.4.4)
    diffy (3.3.0)
    erubi (1.9.0)
    execjs (2.7.0)
    ffi (1.13.1)
    formtastic (3.1.5)
      actionpack (>= 3.2.13)
    formtastic_i18n (0.6.0)
    git_clone_url (2.0.0)
      uri-ssh_git (>= 2.0)
    globalid (0.4.2)
      activesupport (>= 4.2.0)
    has_scope (0.7.2)
      actionpack (>= 4.1)
      activesupport (>= 4.1)
    i18n (1.8.5)
      concurrent-ruby (~> 1.0)
    inherited_resources (1.11.0)
      actionpack (>= 5.0, < 6.1)
      has_scope (~> 0.6)
      railties (>= 5.0, < 6.1)
      responders (>= 2, < 4)
    jbuilder (2.10.0)
      activesupport (>= 5.0.0)
    jquery-rails (4.4.0)
      rails-dom-testing (>= 1, < 3)
      railties (>= 4.2.0)
      thor (>= 0.14, < 2.0)
    kaminari (1.2.1)
      activesupport (>= 4.1.0)
      kaminari-actionview (= 1.2.1)
      kaminari-activerecord (= 1.2.1)
      kaminari-core (= 1.2.1)
    kaminari-actionview (1.2.1)
      actionview
      kaminari-core (= 1.2.1)
    kaminari-activerecord (1.2.1)
      activerecord
      kaminari-core (= 1.2.1)
    kaminari-core (1.2.1)
    listen (3.1.5)
      rb-fsevent (~> 0.9, >= 0.9.4)
      rb-inotify (~> 0.9, >= 0.9.7)
      ruby_dep (~> 1.2)
    loofah (2.6.0)
      crass (~> 1.0.2)
      nokogiri (>= 1.5.9)
    mail (2.7.1)
      mini_mime (>= 0.1.1)
    marcel (0.3.3)
      mimemagic (~> 0.3.2)
    method_source (1.0.0)
    mimemagic (0.3.5)
    mini_mime (1.0.2)
    mini_portile2 (2.4.0)
    minitest (5.14.1)
    msgpack (1.3.3)
    nio4r (2.5.2)
    nokogiri (1.10.10)
      mini_portile2 (~> 2.4.0)
    octicons (10.0.0)
      nokogiri (>= 1.6.3.1)
    octicons_helper (10.0.0)
      octicons (= 10.0.0)
      rails
    parallel (1.19.2)
    parser (2.7.1.4)
      ast (~> 2.4.1)
    pg (1.2.3)
    polyamorous (2.3.2)
      activerecord (>= 5.2.1)
    puma (4.3.5)
      nio4r (~> 2.0)
    rack (2.2.3)
    rack-test (1.1.0)
      rack (>= 1.0, < 3)
    rails (6.0.3.2)
      actioncable (= 6.0.3.2)
      actionmailbox (= 6.0.3.2)
      actionmailer (= 6.0.3.2)
      actionpack (= 6.0.3.2)
      actiontext (= 6.0.3.2)
      actionview (= 6.0.3.2)
      activejob (= 6.0.3.2)
      activemodel (= 6.0.3.2)
      activerecord (= 6.0.3.2)
      activestorage (= 6.0.3.2)
      activesupport (= 6.0.3.2)
      bundler (>= 1.3.0)
      railties (= 6.0.3.2)
      sprockets-rails (>= 2.0.0)
    rails-dom-testing (2.0.3)
      activesupport (>= 4.2.0)
      nokogiri (>= 1.6)
    rails-html-sanitizer (1.3.0)
      loofah (~> 2.3)
    railties (6.0.3.2)
      actionpack (= 6.0.3.2)
      activesupport (= 6.0.3.2)
      method_source
      rake (>= 0.8.7)
      thor (>= 0.20.3, < 2.0)
    rainbow (3.0.0)
    rake (13.0.1)
    ransack (2.3.2)
      activerecord (>= 5.2.1)
      activesupport (>= 5.2.1)
      i18n
      polyamorous (= 2.3.2)
    rb-fsevent (0.10.4)
    rb-inotify (0.10.1)
      ffi (~> 1.0)
    regexp_parser (1.7.1)
    responders (3.0.1)
      actionpack (>= 5.0)
      railties (>= 5.0)
    rexml (3.2.4)
    rspec-core (3.9.2)
      rspec-support (~> 3.9.3)
    rspec-expectations (3.9.2)
      diff-lcs (>= 1.2.0, < 2.0)
      rspec-support (~> 3.9.0)
    rspec-mocks (3.9.1)
      diff-lcs (>= 1.2.0, < 2.0)
      rspec-support (~> 3.9.0)
    rspec-rails (4.0.1)
      actionpack (>= 4.2)
      activesupport (>= 4.2)
      railties (>= 4.2)
      rspec-core (~> 3.9)
      rspec-expectations (~> 3.9)
      rspec-mocks (~> 3.9)
      rspec-support (~> 3.9)
    rspec-support (3.9.3)
    rubocop (0.89.0)
      parallel (~> 1.10)
      parser (>= 2.7.1.1)
      rainbow (>= 2.2.2, < 4.0)
      regexp_parser (>= 1.7)
      rexml
      rubocop-ast (>= 0.1.0, < 1.0)
      ruby-progressbar (~> 1.7)
      unicode-display_width (>= 1.4.0, < 2.0)
    rubocop-ast (0.3.0)
      parser (>= 2.7.1.4)
    rubocop-rails (2.5.2)
      activesupport
      rack (>= 1.1)
      rubocop (>= 0.72.0)
    ruby-progressbar (1.10.1)
    ruby_dep (1.5.0)
    sass-rails (6.0.0)
      sassc-rails (~> 2.1, >= 2.1.1)
    sassc (2.4.0)
      ffi (~> 1.9)
    sassc-rails (2.1.2)
      railties (>= 4.0.0)
      sassc (>= 2.0)
      sprockets (> 3.0)
      sprockets-rails
      tilt
    shoulda-matchers (4.3.0)
      activesupport (>= 4.2.0)
    sprockets (3.7.2)
      concurrent-ruby (~> 1.0)
      rack (> 1, < 3)
    sprockets-es6 (0.9.2)
      babel-source (>= 5.8.11)
      babel-transpiler
      sprockets (>= 3.0.0)
    sprockets-rails (3.2.1)
      actionpack (>= 4.0)
      activesupport (>= 4.0)
      sprockets (>= 3.0.0)
    tether-rails (1.4.0)
      rails (>= 3.1)
    thor (1.0.1)
    thread_safe (0.3.6)
    tilt (2.0.10)
    turbolinks (5.2.1)
      turbolinks-source (~> 5.2)
    turbolinks-source (5.2.0)
    tzinfo (1.2.7)
      thread_safe (~> 0.1)
    tzinfo-data (1.2020.1)
      tzinfo (>= 1.0.0)
    unicode-display_width (1.7.0)
    uri-ssh_git (2.0.0)
    web-console (4.0.4)
      actionview (>= 6.0.0)
      activemodel (>= 6.0.0)
      bindex (>= 0.4.0)
      railties (>= 6.0.0)
    websocket-driver (0.7.3)
      websocket-extensions (>= 0.1.0)
    websocket-extensions (0.1.5)
    yard (0.9.25)
    zeitwerk (2.4.0)

PLATFORMS
  ruby

DEPENDENCIES
  activeadmin (= 2.2.0)
  bootsnap (>= 1.4.2)
  byebug
  coffee-rails
  ideas_generators!
  jbuilder (~> 2.7)
  listen (>= 3.0.5, < 3.2)
  pg (>= 0.18, < 2.0)
  puma (~> 4.1)
  rails (~> 6.0.2, >= 6.0.2.2)
  rspec-rails
  rubocop-rails (= 2.5.2)
  sass-rails (>= 6)
  shoulda-matchers
  sprockets (~> 3.7)
  sprockets-rails
  tzinfo-data
  web-console (>= 3.3.0)
  web_git!

RUBY VERSION
   ruby 2.6.6p146

BUNDLED WITH
   1.17.3
